GIT
  remote: https://github.com/bitbucket-rest-api/bitbucket
  revision: e03b6935104d59b3d9a922474c3dc210a5ef76d2
  branch: master
  specs:
    bitbucket_rest_api (0.1.7)
      faraday (~> 0.9.0)
      faraday_middleware (~> 0.9.0)
      hashie
      multi_json (>= 1.7.5, < 2.0)
      nokogiri (>= 1.5.2)
      simple_oauth

GEM
  remote: https://rubygems.org/
  specs:
    ast (2.4.0)
    binding_of_caller (0.8.0)
      debug_inspector (>= 0.0.1)
    byebug (10.0.2)
    coderay (1.1.2)
    debug_inspector (0.0.3)
    dotenv (2.5.0)
    faraday (0.9.2)
      multipart-post (>= 1.2, < 3)
    faraday_middleware (0.9.2)
      faraday (>= 0.7.4, < 0.10)
    hashie (3.5.7)
    jaro_winkler (1.5.1)
    method_source (0.9.0)
    mini_portile2 (2.3.0)
    multi_json (1.13.1)
    multipart-post (2.0.0)
    nokogiri (1.8.4)
      mini_portile2 (~> 2.3.0)
    parallel (1.12.1)
    parser (2.5.3.0)
      ast (~> 2.4.0)
    powerpack (0.1.2)
    pry (0.11.3)
      coderay (~> 1.1.0)
      method_source (~> 0.9.0)
    pry-byebug (3.6.0)
      byebug (~> 10.0)
      pry (~> 0.10)
    pry-doc (0.13.4)
      pry (~> 0.11)
      yard (~> 0.9.11)
    pry-stack_explorer (0.4.9.2)
      binding_of_caller (>= 0.7)
      pry (>= 0.9.11)
    rainbow (3.0.0)
    rubocop (0.62.0)
      jaro_winkler (~> 1.5.1)
      parallel (~> 1.10)
      parser (>= 2.5, != 2.5.1.1)
      powerpack (~> 0.1)
      rainbow (>= 2.2.2, < 4.0)
      ruby-progressbar (~> 1.7)
      unicode-display_width (~> 1.4.0)
    ruby-progressbar (1.10.0)
    simple_oauth (0.3.1)
    unicode-display_width (1.4.1)
    yard (0.9.14)

PLATFORMS
  ruby

DEPENDENCIES
  bitbucket_rest_api!
  dotenv
  pry
  pry-byebug
  pry-doc
  pry-stack_explorer
  rubocop

BUNDLED WITH
   1.16.2
