GIT
  remote: https://github.com/bitbucket-rest-api/bitbucket
  revision: 2fc8fa575ca3636ee8603a4b0efce95bbd79fab0
  branch: master
  specs:
    bitbucket_rest_api (0.1.7)
      faraday (~> 0.9.0)
      faraday_middleware (~> 0.9.0)
      hashie
      multi_json (>= 1.7.5, < 2.0)
      nokogiri (>= 1.5.2)
      simple_oauth

GEM
  remote: https://rubygems.org/
  specs:
    ast (2.4.1)
    binding_of_caller (1.0.0)
      debug_inspector (>= 0.0.1)
    byebug (11.1.1)
    coderay (1.1.3)
    debug_inspector (1.0.0)
    dotenv (2.7.6)
    faraday (0.9.2)
      multipart-post (>= 1.2, < 3)
    faraday_middleware (0.9.2)
      faraday (>= 0.7.4, < 0.10)
    hashie (3.6.0)
    method_source (1.0.0)
    mini_portile2 (2.5.0)
    multi_json (1.13.1)
    multipart-post (2.1.1)
    nokogiri (1.11.0)
      mini_portile2 (~> 2.5.0)
      racc (~> 1.4)
    parallel (1.20.1)
    parser (3.0.0.0)
      ast (~> 2.4.1)
    pry (0.13.1)
      coderay (~> 1.1)
      method_source (~> 1.0)
    pry-byebug (3.9.0)
      byebug (~> 11.0)
      pry (~> 0.13.0)
    pry-doc (1.1.0)
      pry (~> 0.11)
      yard (~> 0.9.11)
    pry-stack_explorer (0.6.0)
      binding_of_caller (~> 1.0)
      pry (~> 0.13)
    racc (1.5.2)
    rainbow (3.0.0)
    regexp_parser (2.0.3)
    rexml (3.2.4)
    rubocop (1.8.0)
      parallel (~> 1.10)
      parser (>= 3.0.0.0)
      rainbow (>= 2.2.2, < 4.0)
      regexp_parser (>= 1.8, < 3.0)
      rexml
      rubocop-ast (>= 1.2.0, < 2.0)
      ruby-progressbar (~> 1.7)
      unicode-display_width (>= 1.4.0, < 3.0)
    rubocop-ast (1.4.0)
      parser (>= 2.7.1.5)
    ruby-progressbar (1.11.0)
    simple_oauth (0.3.1)
    unicode-display_width (2.0.0)
    yard (0.9.24)

PLATFORMS
  ruby

DEPENDENCIES
  bitbucket_rest_api!
  dotenv
  pry
  pry-byebug
  pry-doc
  pry-stack_explorer
  rubocop

BUNDLED WITH
   1.16.2
